GEM
  remote: https://rubygems.org/
  specs:
    benchmark-ips (2.7.2)
    ffi (1.10.0)
    levenshtein-ffi (1.1.0)
      ffi (~> 1.9)

PLATFORMS
  ruby

DEPENDENCIES
  benchmark-ips
  levenshtein-ffi

BUNDLED WITH
   1.16.4
